PATH
  remote: .
  specs:
    binda-shopify (0.1.0)
      binda (~> 0.1)
      pg
      rails (~> 5.1.5)
      shopify_api

GEM
  remote: https://rubygems.org/
  specs:
    aasm (4.12.3)
      concurrent-ruby (~> 1.0)
    actioncable (5.1.5)
      actionpack (= 5.1.5)
      nio4r (~> 2.0)
      websocket-driver (~> 0.6.1)
    actionmailer (5.1.5)
      actionpack (= 5.1.5)
      actionview (= 5.1.5)
      activejob (= 5.1.5)
      mail (~> 2.5, >= 2.5.4)
      rails-dom-testing (~> 2.0)
    actionpack (5.1.5)
      actionview (= 5.1.5)
      activesupport (= 5.1.5)
      rack (~> 2.0)
      rack-test (>= 0.6.3)
      rails-dom-testing (~> 2.0)
      rails-html-sanitizer (~> 1.0, >= 1.0.2)
    actionview (5.1.5)
      activesupport (= 5.1.5)
      builder (~> 3.1)
      erubi (~> 1.4)
      rails-dom-testing (~> 2.0)
      rails-html-sanitizer (~> 1.0, >= 1.0.3)
    activejob (5.1.5)
      activesupport (= 5.1.5)
      globalid (>= 0.3.6)
    activemodel (5.1.5)
      activesupport (= 5.1.5)
    activemodel-serializers-xml (1.0.2)
      activemodel (> 5.x)
      activesupport (> 5.x)
      builder (~> 3.1)
    activerecord (5.1.5)
      activemodel (= 5.1.5)
      activesupport (= 5.1.5)
      arel (~> 8.0)
    activeresource (5.0.0)
      activemodel (>= 5.0, < 6)
      activemodel-serializers-xml (~> 1.0)
      activesupport (>= 5.0, < 6)
    activesupport (5.1.5)
      concurrent-ruby (~> 1.0, >= 1.0.2)
      i18n (~> 0.7)
      minitest (~> 5.1)
      tzinfo (~> 1.1)
    ancestry (3.0.1)
      activerecord (>= 3.2.0)
    arel (8.0.0)
    bcrypt (3.1.11)
    binda (0.1.6)
      aasm (>= 4.11, < 4.13)
      ancestry (>= 2.1, < 3.1)
      bourbon (= 4.3.4)
      carrierwave (>= 0.10, < 1.3)
      devise (>= 4.1, < 4.5)
      devise-i18n (~> 1.4)
      friendly_id (>= 5.1, < 5.4)
      jquery-rails (~> 4.3)
      jquery-ui-rails (>= 5.0, < 6.1)
      kaminari (~> 1.0)
      mini_magick (>= 4.5, < 4.9)
      rails (>= 5.0, < 5.2)
      sass-rails (~> 5.0)
      simple_form (>= 3.3, < 3.6)
      tinymce-rails (>= 4.1, <= 4.8)
      tinymce-rails-langs (~> 4.20160310)
    bourbon (4.3.4)
      sass (~> 3.4)
      thor (~> 0.19)
    builder (3.2.3)
    byebug (10.0.0)
    carrierwave (1.2.2)
      activemodel (>= 4.0.0)
      activesupport (>= 4.0.0)
      mime-types (>= 1.16)
    concurrent-ruby (1.0.5)
    crass (1.0.3)
    devise (4.4.1)
      bcrypt (~> 3.0)
      orm_adapter (~> 0.1)
      railties (>= 4.1.0, < 5.2)
      responders
      warden (~> 1.2.3)
    devise-i18n (1.6.0)
      devise (>= 4.4)
    diff-lcs (1.3)
    erubi (1.7.0)
    fakeweb (1.3.0)
    ffi (1.9.23)
    friendly_id (5.2.3)
      activerecord (>= 4.0.0)
    globalid (0.4.1)
      activesupport (>= 4.2.0)
    i18n (0.9.5)
      concurrent-ruby (~> 1.0)
    jquery-rails (4.3.1)
      rails-dom-testing (>= 1, < 3)
      railties (>= 4.2.0)
      thor (>= 0.14, < 2.0)
    jquery-ui-rails (6.0.1)
      railties (>= 3.2.16)
    kaminari (1.1.1)
      activesupport (>= 4.1.0)
      kaminari-actionview (= 1.1.1)
      kaminari-activerecord (= 1.1.1)
      kaminari-core (= 1.1.1)
    kaminari-actionview (1.1.1)
      actionview
      kaminari-core (= 1.1.1)
    kaminari-activerecord (1.1.1)
      activerecord
      kaminari-core (= 1.1.1)
    kaminari-core (1.1.1)
    loofah (2.2.0)
      crass (~> 1.0.2)
      nokogiri (>= 1.5.9)
    mail (2.7.0)
      mini_mime (>= 0.1.1)
    method_source (0.9.0)
    mime-types (3.1)
      mime-types-data (~> 3.2015)
    mime-types-data (3.2016.0521)
    mini_magick (4.8.0)
    mini_mime (1.0.0)
    mini_portile2 (2.3.0)
    minitest (5.11.3)
    nio4r (2.2.0)
    nokogiri (1.8.2)
      mini_portile2 (~> 2.3.0)
    orm_adapter (0.5.0)
    pg (0.21.0)
    rack (2.0.4)
    rack-test (0.8.2)
      rack (>= 1.0, < 3)
    rails (5.1.5)
      actioncable (= 5.1.5)
      actionmailer (= 5.1.5)
      actionpack (= 5.1.5)
      actionview (= 5.1.5)
      activejob (= 5.1.5)
      activemodel (= 5.1.5)
      activerecord (= 5.1.5)
      activesupport (= 5.1.5)
      bundler (>= 1.3.0)
      railties (= 5.1.5)
      sprockets-rails (>= 2.0.0)
    rails-dom-testing (2.0.3)
      activesupport (>= 4.2.0)
      nokogiri (>= 1.6)
    rails-html-sanitizer (1.0.3)
      loofah (~> 2.0)
    railties (5.1.5)
      actionpack (= 5.1.5)
      activesupport (= 5.1.5)
      method_source
      rake (>= 0.8.7)
      thor (>= 0.18.1, < 2.0)
    rake (12.3.0)
    rb-fsevent (0.10.2)
    rb-inotify (0.9.10)
      ffi (>= 0.5.0, < 2)
    responders (2.4.0)
      actionpack (>= 4.2.0, < 5.3)
      railties (>= 4.2.0, < 5.3)
    rspec (3.5.0)
      rspec-core (~> 3.5.0)
      rspec-expectations (~> 3.5.0)
      rspec-mocks (~> 3.5.0)
    rspec-core (3.5.4)
      rspec-support (~> 3.5.0)
    rspec-expectations (3.5.0)
      diff-lcs (>= 1.2.0, < 2.0)
      rspec-support (~> 3.5.0)
    rspec-mocks (3.5.0)
      diff-lcs (>= 1.2.0, < 2.0)
      rspec-support (~> 3.5.0)
    rspec-rails (3.5.2)
      actionpack (>= 3.0)
      activesupport (>= 3.0)
      railties (>= 3.0)
      rspec-core (~> 3.5.0)
      rspec-expectations (~> 3.5.0)
      rspec-mocks (~> 3.5.0)
      rspec-support (~> 3.5.0)
    rspec-support (3.5.0)
    sass (3.5.5)
      sass-listen (~> 4.0.0)
    sass-listen (4.0.0)
      rb-fsevent (~> 0.9, >= 0.9.4)
      rb-inotify (~> 0.9, >= 0.9.7)
    sass-rails (5.0.7)
      railties (>= 4.0.0, < 6)
      sass (~> 3.1)
      sprockets (>= 2.8, < 4.0)
      sprockets-rails (>= 2.0, < 4.0)
      tilt (>= 1.1, < 3)
    shopify-mock (0.1.2)
      fakeweb (>= 1.3.0)
      rake (>= 0.8.7)
      rspec (>= 2.6.0)
    shopify_api (4.10.0)
      activeresource (>= 3.0.0)
      rack
    simple_form (3.5.1)
      actionpack (> 4, < 5.2)
      activemodel (> 4, < 5.2)
    sprockets (3.7.1)
      concurrent-ruby (~> 1.0)
      rack (> 1, < 3)
    sprockets-rails (3.2.1)
      actionpack (>= 4.0)
      activesupport (>= 4.0)
      sprockets (>= 3.0.0)
    thor (0.20.0)
    thread_safe (0.3.6)
    tilt (2.0.8)
    tinymce-rails (4.7.7)
      railties (>= 3.1.1)
    tinymce-rails-langs (4.20180103)
      tinymce-rails (~> 4.1, >= 4.1.10)
    tzinfo (1.2.5)
      thread_safe (~> 0.1)
    warden (1.2.7)
      rack (>= 1.0)
    websocket-driver (0.6.5)
      websocket-extensions (>= 0.1.0)
    websocket-extensions (0.1.3)

PLATFORMS
  ruby

DEPENDENCIES
  binda-shopify!
  byebug
  rspec-rails
  shopify-mock

BUNDLED WITH
   1.16.1
